GIT
  remote: https://github.com/felipec/soap4r.git
  revision: 802dc44fc446d3325148ab8a9a7d156ab74287e5
  specs:
    soap4r (1.5.8)
      httpclient (>= 2.1.1)

GEM
  remote: https://rubygems.org/
  specs:
    Ascii85 (1.0.2)
    actionmailer (2.3.18)
      actionpack (= 2.3.18)
    actionpack (2.3.18)
      activesupport (= 2.3.18)
      rack (~> 1.1.0)
    activerecord (2.3.18)
      activesupport (= 2.3.18)
    activeresource (2.3.18)
      activesupport (= 2.3.18)
    activesupport (2.3.18)
    afm (0.2.0)
    barby (0.5.1)
    bluecloth (2.2.0)
    color (1.4.2)
    daemons (1.1.9)
    eventmachine (1.0.3)
    gnuplot (2.6.2)
    hashery (2.1.0)
    httpclient (2.3.3)
    json (1.8.0)
    mini_portile (0.5.0)
    nokogiri (1.6.0)
      mini_portile (~> 0.5.0)
    pdf-reader (1.3.3)
      Ascii85 (~> 1.0.0)
      afm (~> 0.2.0)
      hashery (~> 2.0)
      ruby-rc4
      ttfunk
    pdf-writer (1.1.8)
      color (>= 1.4.0)
      transaction-simple (~> 1.3)
    pg (0.15.1)
    prawn (0.12.0)
      pdf-reader (>= 0.9.0)
      ttfunk (~> 1.0.2)
    rack (1.1.6)
    rails (2.3.18)
      actionmailer (= 2.3.18)
      actionpack (= 2.3.18)
      activerecord (= 2.3.18)
      activeresource (= 2.3.18)
      activesupport (= 2.3.18)
      rake (>= 0.8.3)
    rake (10.1.0)
    rdoc (4.0.1)
      json (~> 1.4)
    rmagick (2.13.2)
    ruby-rc4 (0.1.5)
    thin (1.5.1)
      daemons (>= 1.0.9)
      eventmachine (>= 0.12.6)
      rack (>= 1.0.0)
    transaction-simple (1.4.0.2)
    ttfunk (1.0.3)

PLATFORMS
  ruby

DEPENDENCIES
  barby
  bluecloth
  gnuplot
  json
  nokogiri
  pdf-writer
  pg
  prawn
  rails (~> 2.3)
  rdoc
  rmagick
  soap4r!
  thin
